GEM
  remote: https://rubygems.org/
  specs:
    activesupport (5.1.2)
      concurrent-ruby (~> 1.0, >= 1.0.2)
      i18n (~> 0.7)
      minitest (~> 5.1)
      tzinfo (~> 1.1)
    concurrent-ruby (1.0.5)
    i18n (0.8.6)
    json (2.1.0)
    logger (1.2.8)
    minitest (5.10.3)
    net (0.3.3)
      activesupport
    thread_safe (0.3.6)
    tzinfo (1.2.3)
      thread_safe (~> 0.1)

PLATFORMS
  ruby

DEPENDENCIES
  json
  logger
  net

RUBY VERSION
   ruby 2.3.1p112

BUNDLED WITH
   1.15.1
